GEM
  remote: http://rubygems.org/
  specs:
    activemodel (3.2.1)
      activesupport (= 3.2.1)
      builder (~> 3.0.0)
    activerecord (3.2.1)
      activemodel (= 3.2.1)
      activesupport (= 3.2.1)
      arel (~> 3.0.0)
      tzinfo (~> 0.3.29)
    activesupport (3.2.1)
      i18n (~> 0.6)
      multi_json (~> 1.0)
    arel (3.0.0)
    bouncy-castle-java (1.5.0146.1)
    builder (3.0.0)
    columnize (0.3.1)
    i18n (0.6.0)
    jruby-openssl (0.7.5)
      bouncy-castle-java (>= 1.5.0146.1)
    mocha (0.9.8)
      rake
    multi_json (1.0.4)
    rake (0.9.2.2)
    ruby-debug (0.10.4)
      columnize (>= 0.1)
      ruby-debug-base (~> 0.10.4.0)
    ruby-debug-base (0.10.4-java)
    tzinfo (0.3.31)

PLATFORMS
  java

DEPENDENCIES
  activerecord
  jruby-openssl
  mocha
  rake
  ruby-debug
